GEM
  remote: https://rubygems.org/
  specs:
    ansi (1.5.0)
    ast (2.3.0)
    oga (2.7)
      ast
      ruby-ll (~> 2.1)
    rake (11.3.0)
    review (2.0.0)
      rubyzip
    ruby-ll (2.1.2)
      ansi
      ast
    rubyzip (1.2.0)

PLATFORMS
  ruby

DEPENDENCIES
  oga
  rake
  review

BUNDLED WITH
   1.12.5
